GEM
  remote: https://rubygems.org/
  specs:
    coderay (1.1.3)
    docile (1.4.1)
    gosu (1.4.6)
    matrix (0.4.2)
    method_source (1.1.0)
    minitest (5.18.1)
    pry (0.14.2)
      coderay (~> 1.1)
      method_source (~> 1.0)
    rake (13.0.6)
    simplecov (0.22.0)
      docile (~> 1.1)
      simplecov-html (~> 0.11)
      simplecov_json_formatter (~> 0.1)
    simplecov-html (0.13.1)
    simplecov_json_formatter (0.1.4)

PLATFORMS
  arm64-darwin-24
  ruby

DEPENDENCIES
  gosu (~> 1.4.3)
  matrix (~> 0.4.2)
  minitest (~> 5.18.0)
  pry (~> 0.14.2)
  rake (~> 13.0.6)
  simplecov (~> 0.22.0)

BUNDLED WITH
   2.6.3
