GEM
  remote: https://rubygems.org/
  specs:
    coderay (1.1.3)
    gosu (1.4.6)
    matrix (0.4.2)
    method_source (1.1.0)
    minitest (5.18.1)
    pry (0.14.2)
      coderay (~> 1.1)
      method_source (~> 1.0)

PLATFORMS
  arm64-darwin-24
  ruby

DEPENDENCIES
  gosu (~> 1.4.3)
  matrix (~> 0.4.2)
  minitest (~> 5.18.0)
  pry (~> 0.14.2)

BUNDLED WITH
   2.6.3
